GEM
  remote: https://rubygems.org/
  specs:
    mustermann (1.0.3)
    nio4r (2.5.7)
    pg (0.20.0)
    puma (4.3.8)
      nio4r (~> 2.0)
    rack (2.0.7)
    rack-protection (2.0.5)
      rack
    require_all (2.0.0)
    shotgun (0.9.2)
      rack (>= 1.0)
    sinatra (2.0.5)
      mustermann (~> 1.0)
      rack (~> 2.0)
      rack-protection (= 2.0.5)
      tilt (~> 2.0)
    tilt (2.0.9)

PLATFORMS
  ruby

DEPENDENCIES
  pg
  puma
  require_all
  shotgun
  sinatra

BUNDLED WITH
   1.14.6
