GEM
  remote: https://rubygems.org/
  specs:
    mustermann (1.1.1)
      ruby2_keywords (~> 0.0.1)
    pg (0.20.0)
    puma (3.9.1)
    rack (2.2.3)
    rack-protection (2.2.0)
      rack
    require_all (2.0.0)
    ruby2_keywords (0.0.5)
    shotgun (0.9.2)
      rack (>= 1.0)
    sinatra (2.2.0)
      mustermann (~> 1.0)
      rack (~> 2.2)
      rack-protection (= 2.2.0)
      tilt (~> 2.0)
    tilt (2.0.10)

PLATFORMS
  ruby

DEPENDENCIES
  pg
  puma
  require_all
  shotgun
  sinatra

BUNDLED WITH
   1.14.6
